GEM
  remote: http://rubygems.org/
  specs:
    foreman (0.19.0)
      term-ansicolor (~> 1.0.5)
      thor (>= 0.13.6)
    rb-fsevent (0.4.2)
    sass (3.1.7)
    term-ansicolor (1.0.6)
    thor (0.14.6)

PLATFORMS
  ruby

DEPENDENCIES
  foreman
  rb-fsevent
  sass
